GIT
  remote: git://github.com/carrierwaveuploader/carrierwave.git
  revision: 1547673a11a6646c401f800d832b6b7c31bce26d
  specs:
    carrierwave (1.2.1)
      activemodel (>= 4.0.0)
      activesupport (>= 4.0.0)
      mime-types (>= 1.16)

GEM
  remote: https://rubygems.org/
  specs:
    actionmailer (4.2.7.1)
      actionpack (= 4.2.7.1)
      actionview (= 4.2.7.1)
      activejob (= 4.2.7.1)
      mail (~> 2.5, >= 2.5.4)
      rails-dom-testing (~> 1.0, >= 1.0.5)
    actionpack (4.2.7.1)
      actionview (= 4.2.7.1)
      activesupport (= 4.2.7.1)
      rack (~> 1.6)
      rack-test (~> 0.6.2)
      rails-dom-testing (~> 1.0, >= 1.0.5)
      rails-html-sanitizer (~> 1.0, >= 1.0.2)
    actionview (4.2.7.1)
      activesupport (= 4.2.7.1)
      builder (~> 3.1)
      erubis (~> 2.7.0)
      rails-dom-testing (~> 1.0, >= 1.0.5)
      rails-html-sanitizer (~> 1.0, >= 1.0.2)
    activejob (4.2.7.1)
      activesupport (= 4.2.7.1)
      globalid (>= 0.3.0)
    activemodel (4.2.7.1)
      activesupport (= 4.2.7.1)
      builder (~> 3.1)
    activerecord (4.2.7.1)
      activemodel (= 4.2.7.1)
      activesupport (= 4.2.7.1)
      arel (~> 6.0)
    activesupport (4.2.7.1)
      i18n (~> 0.7)
      json (~> 1.7, >= 1.7.7)
      minitest (~> 5.1)
      thread_safe (~> 0.3, >= 0.3.4)
      tzinfo (~> 1.1)
    addressable (2.5.2)
      public_suffix (>= 2.0.2, < 4.0)
    arel (6.0.4)
    ast (2.3.0)
    autoprefixer-rails (7.1.6)
      execjs
    aws-partitions (1.36.0)
    aws-sdk-core (3.8.0)
      aws-partitions (~> 1.0)
      aws-sigv4 (~> 1.0)
      jmespath (~> 1.0)
    aws-sdk-kms (1.3.0)
      aws-sdk-core (~> 3)
      aws-sigv4 (~> 1.0)
    aws-sdk-s3 (1.7.0)
      aws-sdk-core (~> 3)
      aws-sdk-kms (~> 1)
      aws-sigv4 (~> 1.0)
    aws-sigv4 (1.0.2)
    bcrypt (3.1.11)
    bootstrap (4.0.0.beta)
      autoprefixer-rails (>= 6.0.3)
      popper_js (~> 1.11.1)
      sass (>= 3.4.19)
    bootstrap3-datetimepicker-rails (4.17.47)
      momentjs-rails (>= 2.8.1)
    builder (3.2.3)
    carrierwave-aws (1.3.0)
      aws-sdk-s3 (~> 1.0)
      carrierwave (>= 0.7, < 2.0)
    chosen-rails (1.5.2)
      coffee-rails (>= 3.2)
      railties (>= 3.0)
      sass-rails (>= 3.2)
    chunky_png (1.3.8)
    cocoon (1.2.11)
    coderay (1.1.2)
    coffee-rails (4.2.2)
      coffee-script (>= 2.2.0)
      railties (>= 4.0.0)
    coffee-script (2.4.1)
      coffee-script-source
      execjs
    coffee-script-source (1.12.2)
    compass (1.0.3)
      chunky_png (~> 1.2)
      compass-core (~> 1.0.2)
      compass-import-once (~> 1.0.5)
      rb-fsevent (>= 0.9.3)
      rb-inotify (>= 0.9)
      sass (>= 3.3.13, < 3.5)
    compass-core (1.0.3)
      multi_json (~> 1.0)
      sass (>= 3.3.0, < 3.5)
    compass-import-once (1.0.5)
      sass (>= 3.2, < 3.5)
    compass-rails (3.0.2)
      compass (~> 1.0.0)
      sass-rails (< 5.1)
      sprockets (< 4.0)
    concurrent-ruby (1.0.5)
    crass (1.0.3)
    devise (4.3.0)
      bcrypt (~> 3.0)
      orm_adapter (~> 0.1)
      railties (>= 4.1.0, < 5.2)
      responders
      warden (~> 1.2.3)
    diff-lcs (1.3)
    enum_help (0.0.17)
      activesupport (>= 3.0.0)
    erubis (2.7.0)
    execjs (2.7.0)
    ffi (1.9.18)
    font-awesome-sass-rails (3.0.2.2)
      railties (>= 3.1.1)
      sass-rails (>= 3.1.1)
    globalid (0.4.1)
      activesupport (>= 4.2.0)
    high_voltage (3.0.0)
    i18n (0.9.1)
      concurrent-ruby (~> 1.0)
    jmespath (1.3.1)
    jquery-datatables-rails (3.3.0)
      actionpack (>= 3.1)
      jquery-rails
      railties (>= 3.1)
      sass-rails
    jquery-rails (4.3.1)
      rails-dom-testing (>= 1, < 3)
      railties (>= 4.2.0)
      thor (>= 0.14, < 2.0)
    jquery-ui-rails (6.0.1)
      railties (>= 3.2.16)
    json (1.8.6)
    launchy (2.4.3)
      addressable (~> 2.3)
    letter_opener (1.4.1)
      launchy (~> 2.2)
    loofah (2.1.1)
      crass (~> 1.0.2)
      nokogiri (>= 1.5.9)
    mail (2.7.0)
      mini_mime (>= 0.1.1)
    method_source (0.9.0)
    mime-types (3.1)
      mime-types-data (~> 3.2015)
    mime-types-data (3.2016.0521)
    mini_mime (1.0.0)
    mini_portile2 (2.3.0)
    minitest (5.10.3)
    modernizr-rails (2.7.1)
    momentjs-rails (2.17.1)
      railties (>= 3.1)
    multi_json (1.12.2)
    nokogiri (1.8.1)
      mini_portile2 (~> 2.3.0)
    orm_adapter (0.5.0)
    paper_trail (8.0.1)
      activerecord (>= 4.2, < 5.2)
      request_store (~> 1.1)
    parallel (1.12.0)
    parser (2.4.0.2)
      ast (~> 2.3)
    pg (0.21.0)
    popper_js (1.11.1)
    powerpack (0.1.1)
    pry (0.11.3)
      coderay (~> 1.1.0)
      method_source (~> 0.9.0)
    pry-rails (0.3.6)
      pry (>= 0.10.4)
    pry-remote (0.1.8)
      pry (~> 0.9)
      slop (~> 3.0)
    public_suffix (3.0.1)
    puma (3.10.0)
    rack (1.6.8)
    rack-test (0.6.3)
      rack (>= 1.0)
    rails (4.2.7.1)
      actionmailer (= 4.2.7.1)
      actionpack (= 4.2.7.1)
      actionview (= 4.2.7.1)
      activejob (= 4.2.7.1)
      activemodel (= 4.2.7.1)
      activerecord (= 4.2.7.1)
      activesupport (= 4.2.7.1)
      bundler (>= 1.3.0, < 2.0)
      railties (= 4.2.7.1)
      sprockets-rails
    rails-deprecated_sanitizer (1.0.3)
      activesupport (>= 4.2.0.alpha)
    rails-dom-testing (1.0.8)
      activesupport (>= 4.2.0.beta, < 5.0)
      nokogiri (~> 1.6)
      rails-deprecated_sanitizer (>= 1.0.1)
    rails-html-sanitizer (1.0.3)
      loofah (~> 2.0)
    railties (4.2.7.1)
      actionpack (= 4.2.7.1)
      activesupport (= 4.2.7.1)
      rake (>= 0.8.7)
      thor (>= 0.18.1, < 2.0)
    rainbow (2.2.2)
      rake
    rake (12.3.0)
    rb-fsevent (0.10.2)
    rb-inotify (0.9.10)
      ffi (>= 0.5.0, < 2)
    recaptcha (4.6.2)
      json
    request_store (1.3.2)
    responders (2.4.0)
      actionpack (>= 4.2.0, < 5.3)
      railties (>= 4.2.0, < 5.3)
    rspec-core (3.7.0)
      rspec-support (~> 3.7.0)
    rspec-expectations (3.7.0)
      diff-lcs (>= 1.2.0, < 2.0)
      rspec-support (~> 3.7.0)
    rspec-mocks (3.7.0)
      diff-lcs (>= 1.2.0, < 2.0)
      rspec-support (~> 3.7.0)
    rspec-rails (3.7.1)
      actionpack (>= 3.0)
      activesupport (>= 3.0)
      railties (>= 3.0)
      rspec-core (~> 3.7.0)
      rspec-expectations (~> 3.7.0)
      rspec-mocks (~> 3.7.0)
      rspec-support (~> 3.7.0)
    rspec-support (3.7.0)
    rubocop (0.51.0)
      parallel (~> 1.10)
      parser (>= 2.3.3.1, < 3.0)
      powerpack (~> 0.1)
      rainbow (>= 2.2.2, < 3.0)
      ruby-progressbar (~> 1.7)
      unicode-display_width (~> 1.0, >= 1.0.1)
    rubocop-rspec (1.20.1)
      rubocop (>= 0.51.0)
    ruby-progressbar (1.9.0)
    sass (3.4.25)
    sass-rails (5.0.7)
      railties (>= 4.0.0, < 6)
      sass (~> 3.1)
      sprockets (>= 2.8, < 4.0)
      sprockets-rails (>= 2.0, < 4.0)
      tilt (>= 1.1, < 3)
    simple_form (3.5.0)
      actionpack (> 4, < 5.2)
      activemodel (> 4, < 5.2)
    sitemap_generator (6.0.0)
      builder (~> 3.0)
    slop (3.6.0)
    sprockets (3.7.1)
      concurrent-ruby (~> 1.0)
      rack (> 1, < 3)
    sprockets-rails (3.2.1)
      actionpack (>= 4.0)
      activesupport (>= 4.0)
      sprockets (>= 3.0.0)
    sqlite3 (1.3.13)
    tether-rails (1.4.0)
      rails (>= 3.1)
    thor (0.20.0)
    thread_safe (0.3.6)
    tilt (2.0.8)
    tzinfo (1.2.4)
      thread_safe (~> 0.1)
    uglifier (3.2.0)
      execjs (>= 0.3.0, < 3)
    unicode-display_width (1.3.0)
    warden (1.2.7)
      rack (>= 1.0)

PLATFORMS
  ruby

DEPENDENCIES
  bootstrap
  bootstrap3-datetimepicker-rails (~> 4.17.47)
  carrierwave!
  carrierwave-aws
  chosen-rails
  cocoon
  coffee-rails
  compass-rails (~> 3.0.2)
  devise
  enum_help
  font-awesome-sass-rails
  high_voltage (~> 3.0.0)
  jquery-datatables-rails (~> 3.3.0)
  jquery-rails
  jquery-ui-rails
  letter_opener
  modernizr-rails
  momentjs-rails (>= 2.9.0)
  paper_trail
  pg
  pry-rails
  pry-remote
  puma
  rails (= 4.2.7.1)
  recaptcha
  rspec-rails (~> 3.6)
  rubocop (~> 0.51.0)
  rubocop-rspec
  sass-rails
  simple_form
  sitemap_generator
  sqlite3
  tether-rails
  uglifier (>= 1.0.3)

RUBY VERSION
   ruby 2.3.1p112

BUNDLED WITH
   1.16.0
